GIT
  remote: http://github.com/huerlisi/PDFKit.git
  revision: 7fd74e36a81af03533fb8f42611458dd9bec7fc6
  specs:
    pdfkit (0.5.0)

GIT
  remote: http://github.com/huerlisi/will_paginate.git
  revision: 05fbcb82299a449fc37fb9198346703740cb39cd
  branch: rails3
  specs:
    will_paginate (3.0.pre3)

PATH
  remote: ../lyb_sidebar
  specs:
    lyb_sidebar (0.1.0)

GEM
  remote: http://rubygems.org/
  specs:
    abstract (1.0.0)
    actionmailer (3.0.5)
      actionpack (= 3.0.5)
      mail (~> 2.2.15)
    actionpack (3.0.5)
      activemodel (= 3.0.5)
      activesupport (= 3.0.5)
      builder (~> 2.1.2)
      erubis (~> 2.6.6)
      i18n (~> 0.4)
      rack (~> 1.2.1)
      rack-mount (~> 0.6.13)
      rack-test (~> 0.5.7)
      tzinfo (~> 0.3.23)
    activemodel (3.0.5)
      activesupport (= 3.0.5)
      builder (~> 2.1.2)
      i18n (~> 0.4)
    activerecord (3.0.5)
      activemodel (= 3.0.5)
      activesupport (= 3.0.5)
      arel (~> 2.0.2)
      tzinfo (~> 0.3.23)
    activeresource (3.0.5)
      activemodel (= 3.0.5)
      activesupport (= 3.0.5)
    activesupport (3.0.5)
    arel (2.0.9)
    bcrypt-ruby (2.1.4)
    builder (2.1.2)
    cancan (1.5.1)
    cap-recipes (0.3.36)
    capistrano (2.5.19)
      highline
      net-scp (>= 1.0.0)
      net-sftp (>= 2.0.0)
      net-ssh (>= 2.0.14)
      net-ssh-gateway (>= 1.0.0)
    carrierwave (0.5.2)
      activesupport (~> 3.0)
    compass (0.10.6)
      haml (>= 3.0.4)
    csv-mapper (0.5.1)
      fastercsv
    cucumber (0.10.0)
      builder (>= 2.1.2)
      diff-lcs (~> 1.1.2)
      gherkin (~> 2.3.2)
      json (~> 1.4.6)
      term-ansicolor (~> 1.0.5)
    cucumber-rails (0.3.2)
      cucumber (>= 0.8.0)
    devise (1.1.7)
      bcrypt-ruby (~> 2.1.2)
      warden (~> 1.0.2)
    diff-lcs (1.1.2)
    erubis (2.6.6)
      abstract (>= 1.0.0)
    factory_girl (1.3.3)
    factory_girl_rails (1.0.1)
      factory_girl (~> 1.3)
      railties (>= 3.0.0)
    fancy-buttons (1.0.6)
      compass (= 0.10.6)
    fastercsv (1.5.4)
    formtastic (1.2.3)
      actionpack (>= 2.3.7)
      activesupport (>= 2.3.7)
      i18n (~> 0.4)
    gherkin (2.3.3)
      json (~> 1.4.6)
    haml (3.0.25)
    has_accounts (0.5.0)
    has_scope (0.5.0)
    has_vcards (0.7.1)
      activerecord
      i18n
    highline (1.6.1)
    hpricot (0.8.3)
    i18n (0.5.0)
    i18n_rails_helpers (0.14.0)
      activerecord
      i18n
      i18n_rails_helpers
      rails (~> 3.0.0)
    inherited_resources (1.2.1)
      has_scope (~> 0.5.0)
      responders (~> 0.6.0)
    inherited_resources_views (0.4.1)
      inherited_resources (>= 1.0)
    jquery-rails (0.2.7)
      rails (~> 3.0)
      thor (~> 0.14.4)
    json (1.4.6)
    mail (2.2.15)
      activesupport (>= 2.3.6)
      i18n (>= 0.4.0)
      mime-types (~> 1.16)
      treetop (~> 1.4.8)
    mime-types (1.16)
    mocha (0.9.12)
    mysql (2.8.1)
    net-scp (1.0.4)
      net-ssh (>= 1.99.1)
    net-sftp (2.0.5)
      net-ssh (>= 2.0.9)
    net-ssh (2.1.0)
    net-ssh-gateway (1.0.1)
      net-ssh (>= 1.99.1)
    nokogiri (1.4.4)
    paperclip (2.3.8)
      activerecord
      activesupport
    polyglot (0.3.1)
    rack (1.2.1)
    rack-mount (0.6.13)
      rack (>= 1.0.0)
    rack-test (0.5.7)
      rack (>= 1.0)
    rails (3.0.5)
      actionmailer (= 3.0.5)
      actionpack (= 3.0.5)
      activerecord (= 3.0.5)
      activeresource (= 3.0.5)
      activesupport (= 3.0.5)
      bundler (~> 1.0)
      railties (= 3.0.5)
    rails3-generators (0.17.4)
      railties (>= 3.0.0)
    railties (3.0.5)
      actionpack (= 3.0.5)
      activesupport (= 3.0.5)
      rake (>= 0.8.7)
      thor (~> 0.14.4)
    rake (0.8.7)
    rcov (0.9.9)
    remotipart (0.2.1)
    responders (0.6.2)
    rspec (2.5.0)
      rspec-core (~> 2.5.0)
      rspec-expectations (~> 2.5.0)
      rspec-mocks (~> 2.5.0)
    rspec-core (2.5.1)
    rspec-expectations (2.5.0)
      diff-lcs (~> 1.1.2)
    rspec-mocks (2.5.0)
    rspec-rails (2.5.0)
      actionpack (~> 3.0)
      activesupport (~> 3.0)
      railties (~> 3.0)
      rspec (~> 2.5.0)
    ruby_parser (2.0.6)
      sexp_processor (~> 3.0)
    sexp_processor (3.0.5)
    shoulda (2.11.3)
    show_for (0.2.4)
    simple-navigation (3.2.0)
      activesupport (>= 2.3.2)
    sqlite3 (1.3.3)
    sqlite3-ruby (1.3.3)
      sqlite3 (>= 1.3.3)
    styleyt (0.2.3)
      compass
      haml
      rails (~> 3.0.0)
    term-ansicolor (1.0.5)
    thor (0.14.6)
    timeliness (0.3.3)
    treetop (1.4.9)
      polyglot (>= 0.3.1)
    tzinfo (0.3.24)
    validates_timeliness (3.0.5)
      timeliness (~> 0.3.2)
    warden (1.0.3)
      rack (>= 1.0.0)
    webrat (0.7.3)
      nokogiri (>= 1.2.0)
      rack (>= 1.0)
      rack-test (>= 0.5.3)
    wkhtmltopdf-binary (0.9.5.1)

PLATFORMS
  ruby

DEPENDENCIES
  cancan
  cap-recipes
  capistrano
  carrierwave
  compass (~> 0.10.6)
  csv-mapper
  cucumber
  cucumber-rails
  devise (~> 1.1)
  factory_girl_rails
  fancy-buttons
  formtastic (~> 1.2.1)
  haml
  has_accounts (~> 0.5.0)
  has_scope
  has_vcards (~> 0.7.1)
  hpricot
  i18n_rails_helpers (~> 0.14)
  inherited_resources
  inherited_resources_views
  jquery-rails
  lyb_sidebar!
  mocha
  mysql
  paperclip
  pdfkit!
  rails (~> 3.0.0)
  rails3-generators
  rcov
  remotipart
  rspec-rails (~> 2.1)
  ruby_parser
  shoulda
  show_for
  simple-navigation
  sqlite3-ruby
  styleyt
  validates_timeliness (~> 3.0.0)
  webrat
  will_paginate!
  wkhtmltopdf-binary
